GIT
  remote: https://github.com/samsymons/RedditKit.rb
  revision: 81accdfe3dd551879371e736d1f2123c53f1aa91
  specs:
    redditkit (1.0.2)
      faraday (~> 0.8)
      htmlentities (~> 4.3)
      multi_json (~> 1.8)

PATH
  remote: .
  specs:
    sentry (0.1.0)
      cinch (~> 2.0)
      cinch-identify (~> 1.7)
      colorize (~> 0.7)
      daemons (~> 1.2)
      eventmachine (~> 1.0.9)
      sentry-github (~> 0.1)
      sentry-helper (~> 0.1)
      sentry-reddit (~> 0.1)
      sentry-titles (~> 0.1)
      sentry-videos (~> 0.1)
      thor (~> 0.19)

GEM
  remote: https://rubygems.org/
  specs:
    actionpack (4.2.11.1)
      actionview (= 4.2.11.1)
      activesupport (= 4.2.11.1)
      rack (~> 1.6)
      rack-test (~> 0.6.2)
      rails-dom-testing (~> 1.0, >= 1.0.5)
      rails-html-sanitizer (~> 1.0, >= 1.0.2)
    actionview (4.2.11.1)
      activesupport (= 4.2.11.1)
      builder (~> 3.1)
      erubis (~> 2.7.0)
      rails-dom-testing (~> 1.0, >= 1.0.5)
      rails-html-sanitizer (~> 1.0, >= 1.0.3)
    activesupport (4.2.11.1)
      i18n (~> 0.7)
      minitest (~> 5.1)
      thread_safe (~> 0.3, >= 0.3.4)
      tzinfo (~> 1.1)
    addressable (2.5.2)
      public_suffix (>= 2.0.2, < 4.0)
    ansi (1.5.0)
    ast (2.4.0)
    builder (3.2.3)
    chronic (0.10.2)
    chronic_duration (0.10.6)
      numerizer (~> 0.1.1)
    cinch (2.3.4)
    cinch-identify (1.7.0)
      cinch (~> 2.0)
    colorize (0.8.1)
    concurrent-ruby (1.1.5)
    crass (1.0.5)
    daemons (1.3.1)
    erubis (2.7.0)
    eventmachine (1.0.9.1)
    faraday (0.15.4)
      multipart-post (>= 1.2, < 3)
    htmlentities (4.3.4)
    i18n (0.9.5)
      concurrent-ruby (~> 1.0)
    iso8601 (0.9.1)
    loofah (2.3.1)
      crass (~> 1.0.2)
      nokogiri (>= 1.5.9)
    mini_portile2 (2.8.0)
    minitest (5.11.3)
    multi_json (1.13.1)
    multipart-post (2.0.0)
    net_http_timeout_errors (0.3.5)
    nokogiri (1.13.4)
      mini_portile2 (~> 2.8.0)
      racc (~> 1.4)
    numerizer (0.1.1)
    octokit (4.13.0)
      sawyer (~> 0.8.0, >= 0.5.3)
    oga (2.15)
      ast
      ruby-ll (~> 2.1)
    open_uri_redirections (0.2.1)
    public_suffix (3.0.3)
    racc (1.6.0)
    rack (1.6.12)
    rack-test (0.6.3)
      rack (>= 1.0)
    rails-deprecated_sanitizer (1.0.3)
      activesupport (>= 4.2.0.alpha)
    rails-dom-testing (1.0.9)
      activesupport (>= 4.2.0, < 5.0)
      nokogiri (~> 1.6)
      rails-deprecated_sanitizer (>= 1.0.1)
    rails-html-sanitizer (1.0.4)
      loofah (~> 2.2, >= 2.2.2)
    ruby-ll (2.1.2)
      ansi
      ast
    sawyer (0.8.1)
      addressable (>= 2.3.5, < 2.6)
      faraday (~> 0.8, < 1.0)
    sentry-github (0.1.0)
      actionpack (~> 4.2)
      cinch (~> 2.0)
      octokit (~> 4.0)
      sentry-helper (~> 0.1.0)
      twitter-text (~> 1.13)
    sentry-helper (0.1.0)
    sentry-reddit (0.1.0)
      cinch (~> 2.0)
      redditkit (~> 1.0)
      sentry-helper (~> 0.1.0)
      twitter-text (~> 1.13)
    sentry-titles (0.1.0)
      cinch (~> 2.0)
      nokogiri (~> 1.6)
      open_uri_redirections (~> 0.2)
      twitter-text (~> 1.13)
    sentry-videos (0.1.0)
      chronic (~> 0.10)
      chronic_duration (~> 0.10)
      cinch (~> 2.0)
      sentry-helper (~> 0.1.0)
      twitter-text (~> 1.13)
      video_info (~> 2.5)
    thor (0.20.3)
    thread_safe (0.3.6)
    twitter-text (1.14.7)
      unf (~> 0.1.0)
    tzinfo (1.2.5)
      thread_safe (~> 0.1)
    unf (0.1.4)
      unf_ext
    unf_ext (0.0.7.5)
    video_info (2.7)
      iso8601 (~> 0.9.1)
      net_http_timeout_errors (~> 0.3.0)
      oga (~> 2.7)

PLATFORMS
  ruby

DEPENDENCIES
  bundler
  redditkit!
  sentry!

BUNDLED WITH
   1.17.2
