GIT
  remote: https://github.com/samsymons/RedditKit.rb
  revision: 81accdfe3dd551879371e736d1f2123c53f1aa91
  specs:
    redditkit (1.0.2)
      faraday (~> 0.8)
      htmlentities (~> 4.3)
      multi_json (~> 1.8)

PATH
  remote: .
  specs:
    sentry (0.1.0)
      cinch (~> 2.0)
      cinch-identify (~> 1.7)
      colorize (~> 0.7)
      daemons (~> 1.2)
      eventmachine (~> 1.0.9)
      sentry-github (~> 0.1)
      sentry-helper (~> 0.1)
      sentry-reddit (~> 0.1)
      sentry-titles (~> 0.1)
      sentry-videos (~> 0.1)
      thor (~> 0.19)

GEM
  remote: https://rubygems.org/
  specs:
    actionpack (4.2.5.1)
      actionview (= 4.2.5.1)
      activesupport (= 4.2.5.1)
      rack (~> 1.6)
      rack-test (~> 0.6.2)
      rails-dom-testing (~> 1.0, >= 1.0.5)
      rails-html-sanitizer (~> 1.0, >= 1.0.2)
    actionview (4.2.5.1)
      activesupport (= 4.2.5.1)
      builder (~> 3.1)
      erubis (~> 2.7.0)
      rails-dom-testing (~> 1.0, >= 1.0.5)
      rails-html-sanitizer (~> 1.0, >= 1.0.2)
    activesupport (4.2.5.1)
      i18n (~> 0.7)
      json (~> 1.7, >= 1.7.7)
      minitest (~> 5.1)
      thread_safe (~> 0.3, >= 0.3.4)
      tzinfo (~> 1.1)
    addressable (2.3.8)
    ansi (1.5.0)
    ast (2.2.0)
    builder (3.2.2)
    chronic (0.10.2)
    chronic_duration (0.10.6)
      numerizer (~> 0.1.1)
    cinch (2.3.1)
    cinch-identify (1.7.0)
      cinch (~> 2.0)
    colorize (0.7.7)
    daemons (1.2.3)
    erubis (2.7.0)
    eventmachine (1.0.9.1)
    faraday (0.9.2)
      multipart-post (>= 1.2, < 3)
    htmlentities (4.3.4)
    i18n (0.7.0)
    iso8601 (0.9.0)
    json (1.8.3)
    loofah (2.0.3)
      nokogiri (>= 1.5.9)
    mini_portile2 (2.0.0)
    minitest (5.8.4)
    multi_json (1.11.2)
    multipart-post (2.0.0)
    nokogiri (1.6.7.2)
      mini_portile2 (~> 2.0.0.rc2)
    numerizer (0.1.1)
    octokit (4.2.0)
      sawyer (~> 0.6.0, >= 0.5.3)
    oga (2.0.0)
      ast
      ruby-ll (~> 2.1)
    open_uri_redirections (0.2.1)
    rack (1.6.4)
    rack-test (0.6.3)
      rack (>= 1.0)
    rails-deprecated_sanitizer (1.0.3)
      activesupport (>= 4.2.0.alpha)
    rails-dom-testing (1.0.7)
      activesupport (>= 4.2.0.beta, < 5.0)
      nokogiri (~> 1.6.0)
      rails-deprecated_sanitizer (>= 1.0.1)
    rails-html-sanitizer (1.0.3)
      loofah (~> 2.0)
    ruby-ll (2.1.2)
      ansi
      ast
    sawyer (0.6.0)
      addressable (~> 2.3.5)
      faraday (~> 0.8, < 0.10)
    sentry-github (0.1.0)
      actionpack (~> 4.2)
      cinch (~> 2.0)
      octokit (~> 4.0)
      sentry-helper (~> 0.1.0)
      twitter-text (~> 1.13)
    sentry-helper (0.1.0)
    sentry-reddit (0.1.0)
      cinch (~> 2.0)
      redditkit (~> 1.0)
      sentry-helper (~> 0.1.0)
      twitter-text (~> 1.13)
    sentry-titles (0.1.0)
      cinch (~> 2.0)
      nokogiri (~> 1.6)
      open_uri_redirections (~> 0.2)
      twitter-text (~> 1.13)
    sentry-videos (0.1.0)
      chronic (~> 0.10)
      chronic_duration (~> 0.10)
      cinch (~> 2.0)
      sentry-helper (~> 0.1.0)
      twitter-text (~> 1.13)
      video_info (~> 2.5)
    thor (0.19.1)
    thread_safe (0.3.5)
    twitter-text (1.13.3)
      unf (~> 0.1.0)
    tzinfo (1.2.2)
      thread_safe (~> 0.1)
    unf (0.1.4)
      unf_ext
    unf_ext (0.0.7.2)
    video_info (2.5.0)
      addressable
      htmlentities
      iso8601
      multi_json (~> 1.11)
      oga
      open_uri_redirections

PLATFORMS
  ruby

DEPENDENCIES
  bundler
  redditkit!
  sentry!

BUNDLED WITH
   1.13.1
